PATH
  remote: .
  specs:
    synacrb (0.1.0)

GEM
  remote: https://rubygems.org/
  specs:
    msgpack (1.1.0)
    openssl (2.0.6)
    rake (10.5.0)

PLATFORMS
  ruby

DEPENDENCIES
  bundler (~> 1.16)
  msgpack
  openssl
  rake (~> 10.0)
  synacrb!

BUNDLED WITH
   1.16.0
