PATH
  remote: .
  specs:
    synacrb (0.2.0)
      msgpack (~> 1.2)
      openssl (~> 2.1)

GEM
  remote: https://rubygems.org/
  specs:
    msgpack (1.2.0)
    openssl (2.1.0)
    rake (10.5.0)

PLATFORMS
  ruby

DEPENDENCIES
  bundler (~> 1.16)
  rake (~> 10.0)
  synacrb!

BUNDLED WITH
   1.16.0
